GEM
  remote: https://rubygems.org/
  specs:
    awesome_print (1.6.1)
    coderay (1.1.1)
    coolline (0.5.0)
      unicode_utils (~> 1.4)
    fancy_irb (1.0.2)
      paint (>= 0.9, < 2.0)
      unicode-display_width (~> 1.0)
    ffi (1.9.10)
    hirb (0.7.3)
    hub (1.12.4)
    interactive_editor (0.0.10)
      spoon (>= 0.0.1)
    method_source (0.8.2)
    paint (1.0.1)
    pry (0.10.3)
      coderay (~> 1.1.0)
      method_source (~> 0.8.1)
      slop (~> 3.4)
    pry-coolline (0.2.5)
      coolline (~> 0.5)
    pry-doc (0.8.0)
      pry (~> 0.9)
      yard (~> 0.8)
    slop (3.6.0)
    spoon (0.0.4)
      ffi
    unicode-display_width (1.0.0)
    unicode_utils (1.4.0)
    yard (0.8.7.6)

PLATFORMS
  ruby

DEPENDENCIES
  awesome_print
  fancy_irb
  hirb
  hub
  interactive_editor
  pry
  pry-coolline
  pry-doc
