GEM
  remote: https://rubygems.org/
  specs:
    awesome_print (1.8.0)
    coderay (1.1.2)
    coolline (0.5.0)
      unicode_utils (~> 1.4)
    fancy_irb (1.1.0)
      paint (>= 0.9, < 3.0)
      unicode-display_width (~> 1.1)
    ffi (1.11.1)
    hirb (0.7.3)
    hub (1.12.4)
    interactive_editor (0.0.11)
      spoon (>= 0.0.1)
    method_source (0.9.2)
    paint (2.1.0)
    pry (0.12.2)
      coderay (~> 1.1.0)
      method_source (~> 0.9.0)
    pry-coolline (0.2.5)
      coolline (~> 0.5)
    pry-doc (1.0.0)
      pry (~> 0.11)
      yard (~> 0.9.11)
    spoon (0.0.6)
      ffi
    unicode-display_width (1.6.0)
    unicode_utils (1.4.0)
    yard (0.9.20)

PLATFORMS
  ruby

DEPENDENCIES
  awesome_print
  fancy_irb
  hirb
  hub
  interactive_editor
  pry
  pry-coolline
  pry-doc

BUNDLED WITH
   1.17.2
