GEM
  remote: https://rubygems.org/
  specs:
    awesome_print (1.9.2)
    coderay (1.1.3)
    date (3.4.1)
    fancy_irb (2.1.2)
      irb (>= 1.7, < 2.0)
      paint (>= 0.9, < 3.0)
      unicode-display_width (>= 2.5)
    ffi (1.17.2)
    hirb (0.7.3)
    hub (1.12.4)
    interactive_editor (0.0.12)
      spoon (~> 0.0.6)
    io-console (0.8.0)
    irb (1.15.2)
      pp (>= 0.6.0)
      rdoc (>= 4.0.0)
      reline (>= 0.4.2)
    method_source (1.1.0)
    paint (2.3.0)
    pp (0.6.2)
      prettyprint
    prettyprint (0.2.0)
    pry (0.15.2)
      coderay (~> 1.1)
      method_source (~> 1.0)
    pry-doc (1.5.0)
      pry (~> 0.11)
      yard (~> 0.9.11)
    psych (5.2.3)
      date
      stringio
    rdoc (6.13.1)
      psych (>= 4.0.0)
    reline (0.6.1)
      io-console (~> 0.5)
    spoon (0.0.6)
      ffi
    stringio (3.1.7)
    unicode-display_width (3.1.4)
      unicode-emoji (~> 4.0, >= 4.0.4)
    unicode-emoji (4.0.4)
    yard (0.9.37)

PLATFORMS
  ruby

DEPENDENCIES
  awesome_print
  fancy_irb
  hirb
  hub
  interactive_editor
  pry
  pry-doc

BUNDLED WITH
   2.3.24
